GEM
  remote: https://rubygems.org/
  specs:
    bson (4.5.0)
    coderay (1.1.2)
    method_source (0.9.2)
    mongo (2.9.0)
      bson (>= 4.4.2, < 5.0.0)
    mustermann (1.0.3)
    pry (0.12.2)
      coderay (~> 1.1.0)
      method_source (~> 0.9.0)
    rack (2.0.7)
    rack-protection (2.0.5)
      rack
    sinatra (2.0.5)
      mustermann (~> 1.0)
      rack (~> 2.0)
      rack-protection (= 2.0.5)
      tilt (~> 2.0)
    tilt (2.0.9)

PLATFORMS
  ruby

DEPENDENCIES
  mongo (~> 2.1)
  pry
  sinatra

BUNDLED WITH
   2.0.1
